NUGET
  remote: https://nuget.org/api/v2
  specs:
    FParsec (1.0.2)
    FAKE.Lib (4.28.0)
    FSharp.Compiler.Service (5.0.0)
    FSharp.Compiler.Service.ProjectCracker (3.0.0)
    NUnit (2.6.4)

GROUP Tools
NUGET
  remote: https://nuget.org/api/v2
  specs:
    FAKE (4.28.0)
    FSharp.Compiler.Service (0.0.90)
    FSharp.Formatting (2.11.0)
      FSharp.Compiler.Service (>= 0.0.90 <= 1.3)
      FSharpVSPowerTools.Core (1.9.0)
    FSharpLint (0.2.8)
    FSharpVSPowerTools.Core (1.9.0)
      FSharp.Compiler.Service (>= 0.0.90)
    NUnit.Runners (2.6.4)
